GIT
  remote: https://github.com/ncbo/goo.git
  revision: c384156e6e1822482f745e7dbabb0ff6fc03d5d3
  branch: master
  specs:
    goo (0.0.2)
      addressable (= 2.3.5)
      pry
      rdf (= 1.0.8)
      redis
      rest-client
      rsolr
      sparql-client
      systemu
      uuid

GIT
  remote: https://github.com/ncbo/resource_index.git
  revision: 24a7f14a6da4f4a0eaba1016ca5a378dfccd7441
  specs:
    ncbo_resource_index (0.0.1)
      elasticsearch (= 2.0.0)
      mysql2 (= 0.5.2)
      pony
      ref
      ruby-xxHash
      sequel
      typhoeus

GIT
  remote: https://github.com/ncbo/sparql-client.git
  revision: 39cb76898cb6c8896c43aa076e493280d9621998
  branch: master
  specs:
    sparql-client (1.0.1)
      json_pure (>= 1.4)
      net-http-persistent (= 2.9.4)
      rdf (>= 1.0)

GEM
  remote: https://rubygems.org/
  specs:
    activesupport (4.0.13)
      i18n (~> 0.6, >= 0.6.9)
      minitest (~> 4.2)
      multi_json (~> 1.3)
      thread_safe (~> 0.1)
      tzinfo (~> 0.3.37)
    addressable (2.3.5)
    ansi (1.5.0)
    ast (2.4.0)
    bcrypt (3.1.13)
    builder (3.2.4)
    coderay (1.1.2)
    concurrent-ruby (1.1.5)
    cube-ruby (0.0.3)
    daemons (1.3.1)
    docile (1.3.2)
    domain_name (0.5.20190701)
      unf (>= 0.0.5, < 1.0.0)
    elasticsearch (2.0.0)
      elasticsearch-api (= 2.0.0)
      elasticsearch-transport (= 2.0.0)
    elasticsearch-api (2.0.0)
      multi_json
    elasticsearch-transport (2.0.0)
      faraday
      multi_json
    email_spec (2.2.0)
      htmlentities (~> 4.3.3)
      launchy (~> 2.1)
      mail (~> 2.7)
    ethon (0.12.0)
      ffi (>= 1.3.0)
    eventmachine (1.2.7)
    faraday (0.17.1)
      multipart-post (>= 1.2, < 3)
    ffi (1.9.21)
    hashie (4.0.0)
    htmlentities (4.3.4)
    http-accept (1.7.0)
    http-cookie (1.0.3)
      domain_name (~> 0.5)
    i18n (0.9.5)
      concurrent-ruby (~> 1.0)
    jaro_winkler (1.5.4)
    json (2.3.0)
    json_pure (2.2.0)
    launchy (2.4.3)
      addressable (~> 2.3)
    libxml-ruby (2.9.0)
    logger (1.4.2)
    macaddr (1.7.2)
      systemu (~> 2.6.5)
    mail (2.7.1)
      mini_mime (>= 0.1.1)
    method_source (0.9.2)
    mime-types (3.3)
      mime-types-data (~> 3.2015)
    mime-types-data (3.2019.1009)
    mini_mime (1.0.2)
    minitest (4.7.5)
    minitest-reporters (0.14.24)
      ansi
      builder
      minitest (>= 2.12, < 5.0)
      powerbar
    multi_json (1.14.1)
    multipart-post (2.1.1)
    mysql2 (0.5.2)
    net-http-persistent (2.9.4)
    netrc (0.11.0)
    oj (2.18.5)
    omni_logger (0.1.4)
      logger
    parallel (1.19.1)
    parser (2.6.5.0)
      ast (~> 2.4.0)
    pony (1.13.1)
      mail (>= 2.0)
    powerbar (2.0.1)
      hashie (>= 1.1.0)
    pry (0.12.2)
      coderay (~> 1.1.0)
      method_source (~> 0.9.0)
    rack (1.6.12)
    rack-test (0.8.3)
      rack (>= 1.0, < 3)
    rainbow (3.0.0)
    rake (10.5.0)
    rdf (1.0.8)
      addressable (>= 2.2)
    redis (4.1.3)
    ref (2.0.0)
    rest-client (2.1.0)
      http-accept (>= 1.7.0, < 2.0)
      http-cookie (>= 1.0.2, < 2.0)
      mime-types (>= 1.16, < 4.0)
      netrc (~> 0.8)
    rsolr (1.1.2)
      builder (>= 2.1.2)
    rubocop (0.77.0)
      jaro_winkler (~> 1.5.1)
      parallel (~> 1.10)
      parser (>= 2.6)
      rainbow (>= 2.2.2, < 4.0)
      ruby-progressbar (~> 1.7)
      unicode-display_width (>= 1.4.0, < 1.7)
    ruby-progressbar (1.10.1)
    ruby-xxHash (0.4.0.1)
    rubyzip (1.3.0)
    sequel (5.27.0)
    simplecov (0.17.1)
      docile (~> 1.1)
      json (>= 1.8, < 3)
      simplecov-html (~> 0.10.0)
    simplecov-html (0.10.2)
    systemu (2.6.5)
    test-unit-minitest (0.9.1)
      minitest (~> 4.7)
    thin (1.7.2)
      daemons (~> 1.0, >= 1.0.9)
      eventmachine (~> 1.0, >= 1.0.4)
      rack (>= 1, < 3)
    thread_safe (0.3.6)
    typhoeus (1.3.1)
      ethon (>= 0.9.0)
    tzinfo (0.3.56)
    unf (0.1.4)
      unf_ext
    unf_ext (0.0.7.6)
    unicode-display_width (1.6.0)
    uuid (2.3.9)
      macaddr (~> 1.0)

PLATFORMS
  ruby
  x86_64-darwin-17

DEPENDENCIES
  activesupport (~> 4.0)
  addressable (= 2.3.5)
  bcrypt (~> 3.0)
  cube-ruby
  email_spec
  ffi (< 1.9.22)
  goo!
  libxml-ruby (~> 2.0)
  minitest (~> 4.0)
  minitest-reporters (>= 0.5.0)
  multi_json (~> 1.0)
  ncbo_resource_index!
  oj (~> 2.0)
  omni_logger
  pony
  pry
  rack (~> 1.6)
  rack-test (~> 0.6)
  rake (~> 10.0)
  rsolr (~> 1.0)
  rubocop
  rubyzip (~> 1.0)
  simplecov
  sparql-client!
  test-unit-minitest
  thin

BUNDLED WITH
   2.0.2
